GIT
  remote: git://github.com/fnando/i18n-js.git
  revision: cf02183cd1d099867eb6ea994b08cb8688fa2349
  specs:
    i18n-js (2.1.2)
      i18n

GIT
  remote: git://github.com/parndt/refinerycms-i18n.git
  revision: 2ac57f7cd3546dec67cabe46afb3f287d40e102d
  specs:
    refinerycms-i18n (2.0.0)
      i18n-js (~> 2.1.2)
      refinerycms-core (~> 2.0.0)
      routing-filter (>= 0.2.3)

GIT
  remote: git://github.com/resolve/refinerycms.git
  revision: 8c3efc4e1bd70967f9399f4336b12b6494fbea63
  specs:
    refinerycms (2.0.0)
      bundler (~> 1.0)
      refinerycms-authentication (= 2.0.0)
      refinerycms-core (= 2.0.0)
      refinerycms-dashboard (= 2.0.0)
      refinerycms-images (= 2.0.0)
      refinerycms-pages (= 2.0.0)
      refinerycms-resources (= 2.0.0)
      refinerycms-settings (= 2.0.0)
    refinerycms-authentication (2.0.0)
      devise (~> 2.0.0)
      friendly_id_globalize3 (~> 3.2.1)
      refinerycms-core (= 2.0.0)
    refinerycms-core (2.0.0)
      acts_as_indexed (~> 0.7.7)
      awesome_nested_set (~> 2.1.0)
      coffee-rails (~> 3.2.1)
      friendly_id_globalize3 (~> 3.2.1)
      globalize3 (~> 0.2.0.beta8)
      jquery-rails (~> 2.0.0)
      rails (>= 3.1.3, < 3.3)
      refinerycms-settings (= 2.0.0)
      sass-rails (~> 3.2.3)
      truncate_html (~> 0.5)
      uglifier (>= 1.0.3)
      will_paginate (~> 3.0.2)
    refinerycms-dashboard (2.0.0)
      refinerycms-core (= 2.0.0)
    refinerycms-images (2.0.0)
      dragonfly (~> 0.9.8)
      rack-cache (>= 0.5.3)
      refinerycms-core (= 2.0.0)
    refinerycms-pages (2.0.0)
      awesome_nested_set (~> 2.1.0)
      friendly_id_globalize3 (~> 3.2.1)
      refinerycms-core (= 2.0.0)
      seo_meta (>= 1.2.0.rc3)
    refinerycms-resources (2.0.0)
      dragonfly (~> 0.9.8)
      rack-cache (>= 0.5.3)
      refinerycms-core (= 2.0.0)
    refinerycms-settings (2.0.0)

GIT
  remote: git://github.com/spree/spree.git
  revision: f9370e2b745f6ecfb1fa7131f63ece197ee9a9d3
  specs:
    spree (1.1.0.beta)
      spree_api (= 1.1.0.beta)
      spree_auth (= 1.1.0.beta)
      spree_cmd (= 1.1.0.beta)
      spree_core (= 1.1.0.beta)
      spree_dash (= 1.1.0.beta)
      spree_promo (= 1.1.0.beta)
      spree_sample (= 1.1.0.beta)
    spree_api (1.1.0.beta)
      spree_auth (= 1.1.0.beta)
      spree_core (= 1.1.0.beta)
    spree_auth (1.1.0.beta)
      cancan (= 1.6.7)
      devise (~> 2.0)
      spree_core (= 1.1.0.beta)
    spree_cmd (1.1.0.beta)
      rails (>= 3.1.1, <= 3.2.1)
    spree_core (1.1.0.beta)
      activemerchant (= 1.20.1)
      acts_as_list (= 0.1.4)
      deface (>= 0.7.2)
      ffaker (~> 1.12.0)
      highline (= 1.6.8)
      jquery-rails (>= 1.0.19, <= 2.0.0)
      kaminari (>= 0.13.0)
      meta_search (= 1.1.2)
      nested_set (= 1.6.8)
      paperclip (~> 2.6.0)
      rails (>= 3.1.1, <= 3.2.1)
      state_machine (= 1.1.2)
      stringex (~> 1.3.2)
    spree_dash (1.1.0.beta)
      spree_core (= 1.1.0.beta)
    spree_promo (1.1.0.beta)
      spree_auth (= 1.1.0.beta)
      spree_core (= 1.1.0.beta)
    spree_sample (1.1.0.beta)
      spree_core (= 1.1.0.beta)

GEM
  remote: https://rubygems.org/
  specs:
    actionmailer (3.2.1)
      actionpack (= 3.2.1)
      mail (~> 2.4.0)
    actionpack (3.2.1)
      activemodel (= 3.2.1)
      activesupport (= 3.2.1)
      builder (~> 3.0.0)
      erubis (~> 2.7.0)
      journey (~> 1.0.1)
      rack (~> 1.4.0)
      rack-cache (~> 1.1)
      rack-test (~> 0.6.1)
      sprockets (~> 2.1.2)
    active_utils (1.0.3)
      activesupport (>= 2.3.11)
      i18n
    activemerchant (1.20.1)
      active_utils (>= 1.0.1)
      activesupport (>= 2.3.11)
      braintree (>= 2.0.0)
      builder (>= 2.0.0)
      i18n
      json (>= 1.5.1)
      money (<= 3.7.1)
    activemodel (3.2.1)
      activesupport (= 3.2.1)
      builder (~> 3.0.0)
    activerecord (3.2.1)
      activemodel (= 3.2.1)
      activesupport (= 3.2.1)
      arel (~> 3.0.0)
      tzinfo (~> 0.3.29)
    activeresource (3.2.1)
      activemodel (= 3.2.1)
      activesupport (= 3.2.1)
    activesupport (3.2.1)
      i18n (~> 0.6)
      multi_json (~> 1.0)
    acts_as_indexed (0.7.7)
    acts_as_list (0.1.4)
    arel (3.0.2)
    awesome_nested_set (2.1.2)
      activerecord (>= 3.0.0)
    babosa (0.3.6)
    bcrypt-ruby (3.0.1)
    braintree (2.13.4)
      builder (>= 2.0.0)
    builder (3.0.0)
    cancan (1.6.7)
    cocaine (0.2.1)
    coffee-rails (3.2.2)
      coffee-script (>= 2.2.0)
      railties (~> 3.2.0)
    coffee-script (2.2.0)
      coffee-script-source
      execjs
    coffee-script-source (1.2.0)
    deface (0.7.2)
      nokogiri (~> 1.5.0)
      rails (>= 3.0.9)
    devise (2.0.4)
      bcrypt-ruby (~> 3.0)
      orm_adapter (~> 0.0.3)
      railties (~> 3.1)
      warden (~> 1.1.1)
    dragonfly (0.9.10)
      rack
    erubis (2.7.0)
    execjs (1.3.0)
      multi_json (~> 1.0)
    ffaker (1.12.1)
    friendly_id_globalize3 (3.2.1.6)
      babosa (~> 0.3.0)
    globalize3 (0.2.0.beta8)
      activemodel (>= 3.0.0)
      activerecord (>= 3.0.0)
      paper_trail (~> 2)
    highline (1.6.8)
    hike (1.2.1)
    i18n (0.6.0)
    journey (1.0.2)
    jquery-rails (2.0.0)
      railties (>= 3.2.0.beta, < 5.0)
      thor (~> 0.14)
    json (1.6.5)
    kaminari (0.13.0)
      actionpack (>= 3.0.0)
      activesupport (>= 3.0.0)
      railties (>= 3.0.0)
    mail (2.4.1)
      i18n (>= 0.4.0)
      mime-types (~> 1.16)
      treetop (~> 1.4.8)
    meta_search (1.1.2)
      actionpack (~> 3.1)
      activerecord (~> 3.1)
      activesupport (~> 3.1)
      meta_search
      polyamorous (~> 0.5.0)
    mime-types (1.17.2)
    money (3.7.1)
      i18n (~> 0.4)
    multi_json (1.1.0)
    nested_set (1.6.8)
      activerecord (>= 3.0.0)
      railties (>= 3.0.0)
    nokogiri (1.5.0)
    orm_adapter (0.0.6)
    paper_trail (2.6.0)
      rails (~> 3)
    paperclip (2.6.0)
      activerecord (>= 2.3.0)
      activesupport (>= 2.3.2)
      cocaine (>= 0.0.2)
      mime-types
    polyamorous (0.5.0)
      activerecord (~> 3.0)
    polyglot (0.3.3)
    rack (1.4.1)
    rack-cache (1.1)
      rack (>= 0.4)
    rack-ssl (1.3.2)
      rack
    rack-test (0.6.1)
      rack (>= 1.0)
    rails (3.2.1)
      actionmailer (= 3.2.1)
      actionpack (= 3.2.1)
      activerecord (= 3.2.1)
      activeresource (= 3.2.1)
      activesupport (= 3.2.1)
      bundler (~> 1.0)
      railties (= 3.2.1)
    railties (3.2.1)
      actionpack (= 3.2.1)
      activesupport (= 3.2.1)
      rack-ssl (~> 1.3.2)
      rake (>= 0.8.7)
      rdoc (~> 3.4)
      thor (~> 0.14.6)
    rake (0.9.2.2)
    rdoc (3.12)
      json (~> 1.4)
    routing-filter (0.3.0)
      actionpack
    sass (3.1.15)
    sass-rails (3.2.4)
      railties (~> 3.2.0)
      sass (>= 3.1.10)
      tilt (~> 1.3)
    seo_meta (1.2.0.rc3)
      railties (>= 3.0.0)
    sprockets (2.1.2)
      hike (~> 1.2)
      rack (~> 1.0)
      tilt (~> 1.1, != 1.3.0)
    sqlite3 (1.3.5)
    state_machine (1.1.2)
    stringex (1.3.2)
    thor (0.14.6)
    tilt (1.3.3)
    treetop (1.4.10)
      polyglot
      polyglot (>= 0.3.1)
    truncate_html (0.5.3)
    tzinfo (0.3.31)
    uglifier (1.2.3)
      execjs (>= 0.3.0)
      multi_json (>= 1.0.2)
    warden (1.1.1)
      rack (>= 1.0)
    will_paginate (3.0.3)

PLATFORMS
  ruby

DEPENDENCIES
  coffee-rails (~> 3.2.1)
  i18n-js!
  jquery-rails
  rails (= 3.2.1)
  refinerycms!
  refinerycms-i18n (~> 2.0.0)!
  sass-rails (~> 3.2.3)
  spree!
  sqlite3
  uglifier (>= 1.0.3)
